GIT
  remote: https://github.com/37signals/mail_view.git
  revision: 6a4bc7f01a801e07f313e0425e3aa59e9fa64a10
  specs:
    mail_view (1.0.1)
      tilt

GEM
  remote: https://rubygems.org/
  specs:
    Ascii85 (1.0.2)
    actionmailer (3.2.8)
      actionpack (= 3.2.8)
      mail (~> 2.4.4)
    actionpack (3.2.8)
      activemodel (= 3.2.8)
      activesupport (= 3.2.8)
      builder (~> 3.0.0)
      erubis (~> 2.7.0)
      journey (~> 1.0.4)
      rack (~> 1.4.0)
      rack-cache (~> 1.2)
      rack-test (~> 0.6.1)
      sprockets (~> 2.1.3)
    active_attr (0.6.0)
      activemodel (>= 3.0.2, < 4.1)
      activesupport (>= 3.0.2, < 4.1)
    activemodel (3.2.8)
      activesupport (= 3.2.8)
      builder (~> 3.0.0)
    activerecord (3.2.8)
      activemodel (= 3.2.8)
      activesupport (= 3.2.8)
      arel (~> 3.0.2)
      tzinfo (~> 0.3.29)
    activerecord-postgres-hstore (0.4.1)
      pg
      rails
      rake
    activeresource (3.2.8)
      activemodel (= 3.2.8)
      activesupport (= 3.2.8)
    activesupport (3.2.8)
      i18n (~> 0.6)
      multi_json (~> 1.0)
    addressable (2.3.2)
    arel (3.0.2)
    attr_encrypted (1.2.1)
      encryptor (>= 1.1.1)
    auto_html (1.6.0)
      redcarpet (~> 2.0)
      rinku (~> 1.5.0)
    bcrypt-ruby (3.0.1)
    better_errors (0.0.8)
      coderay
      erubis
    binding_of_caller (0.6.8)
    bootstrap-sass (2.1.1.0)
    bootstrap-will_paginate (0.0.9)
      will_paginate
    builder (3.0.4)
    cancan (1.6.8)
    capybara (1.1.3)
      mime-types (>= 1.16)
      nokogiri (>= 1.3.3)
      rack (>= 1.0.0)
      rack-test (>= 0.5.4)
      selenium-webdriver (~> 2.0)
      xpath (~> 0.1.4)
    capybara-page-object (0.6.0)
      activesupport (~> 3.0)
      capybara
    capybara-screenshot (0.3.1)
      capybara (>= 1.0, < 3)
    childprocess (0.3.6)
      ffi (~> 1.0, >= 1.0.6)
    client_side_validations (3.2.1)
    client_side_validations-simple_form (2.0.0)
      client_side_validations (~> 3.2.0)
      simple_form (~> 2.0.3)
    coderay (1.0.8)
    coffee-rails (3.2.2)
      coffee-script (>= 2.2.0)
      railties (~> 3.2.0)
    coffee-script (2.2.0)
      coffee-script-source
      execjs
    coffee-script-source (1.4.0)
    css_parser (1.2.6)
      addressable
      rdoc
    cucumber (1.2.1)
      builder (>= 2.1.2)
      diff-lcs (>= 1.1.3)
      gherkin (~> 2.11.0)
      json (>= 1.4.6)
    cucumber-rails (1.3.0)
      capybara (>= 1.1.2)
      cucumber (>= 1.1.8)
      nokogiri (>= 1.5.0)
    daemons (1.1.9)
    database_cleaner (0.9.1)
    devise (2.1.2)
      bcrypt-ruby (~> 3.0)
      orm_adapter (~> 0.1)
      railties (~> 3.1)
      warden (~> 1.2.1)
    diff-lcs (1.1.3)
    doorkeeper (0.5.0)
      railties (~> 3.1)
    dynamic_form (1.1.4)
    em-websocket (0.3.8)
      addressable (>= 2.1.1)
      eventmachine (>= 0.12.9)
    email_spec (1.4.0)
      launchy (~> 2.1)
      mail (~> 2.2)
    encryptor (1.1.3)
    enum_accessor (0.2.0)
      activesupport (>= 3.0.0)
    erubis (2.7.0)
    eventmachine (1.0.0)
    execjs (1.4.0)
      multi_json (~> 1.0)
    factory_girl (4.1.0)
      activesupport (>= 3.0.0)
    factory_girl_rails (4.1.0)
      factory_girl (~> 4.1.0)
      railties (>= 3.0.0)
    faker (1.1.2)
      i18n (~> 0.5)
    faraday (0.8.4)
      multipart-post (~> 1.1)
    faye-websocket (0.4.6)
      eventmachine (>= 0.12.0)
    ffi (1.1.5)
    filepicker-rails (0.0.1)
      railties (>= 3.1.0, < 5.0)
    geocoder (1.1.4)
    gherkin (2.11.5)
      json (>= 1.4.6)
    google-qr (0.2.2)
    guard (1.5.3)
      listen (>= 0.4.2)
      lumberjack (>= 1.0.2)
      pry (>= 0.9.10)
      thor (>= 0.14.6)
    guard-cucumber (1.2.2)
      cucumber (>= 1.2.0)
      guard (>= 1.1.0)
    guard-livereload (1.1.0)
      em-websocket (>= 0.2.0)
      guard (>= 1.5.0)
      multi_json (~> 1.0)
    guard-rspec (2.1.1)
      guard (>= 1.1)
      rspec (~> 2.11)
    guard-spork (1.2.3)
      childprocess (>= 0.2.3)
      guard (>= 1.1)
      spork (>= 0.8.4)
      sys-proctable
    has_scope (0.5.1)
    hashery (2.0.1)
    hashie (1.2.0)
    hike (1.2.1)
    http_parser.rb (0.5.3)
    httpauth (0.2.0)
    i18n (0.6.1)
    journey (1.0.4)
    jquery-rails (2.1.3)
      railties (>= 3.1.0, < 5.0)
      thor (~> 0.14)
    json (1.7.5)
    jwt (0.1.5)
      multi_json (>= 1.0)
    launchy (2.1.2)
      addressable (~> 2.3)
    libnotify (0.8.0)
      ffi (>= 1.0.11)
    libwebsocket (0.1.5)
      addressable
    listen (0.5.3)
    lumberjack (1.0.2)
    mail (2.4.4)
      i18n (>= 0.4.0)
      mime-types (~> 1.16)
      treetop (~> 1.4.8)
    mercury-rails (0.9.0)
      coffee-rails
      railties (~> 3.2)
    method_source (0.8.1)
    mime-types (1.19)
    multi_json (1.3.7)
    multipart-post (1.1.5)
    newrelic_rpm (3.5.2.17)
    nokogiri (1.5.5)
    oauth2 (0.8.0)
      faraday (~> 0.8)
      httpauth (~> 0.1)
      jwt (~> 0.1.4)
      multi_json (~> 1.0)
      rack (~> 1.2)
    omniauth (1.1.1)
      hashie (~> 1.2)
      rack
    omniauth-oauth2 (1.1.1)
      oauth2 (~> 0.8.0)
      omniauth (~> 1.0)
    omniauth-stripe-connect (2.0.1)
      omniauth (~> 1.0)
      omniauth-oauth2 (>= 1.0.3)
    orm_adapter (0.4.0)
    pdf-reader (1.2.0)
      Ascii85 (~> 1.0.0)
      hashery (~> 2.0)
      ruby-rc4
    pg (0.14.1)
    poltergeist (1.0.2)
      capybara (~> 1.1)
      childprocess (~> 0.3)
      faye-websocket (~> 0.4, >= 0.4.4)
      http_parser.rb (~> 0.5.3)
      multi_json (~> 1.0)
    polyglot (0.3.3)
    prawn (0.12.0)
      pdf-reader (>= 0.9.0)
      ttfunk (~> 1.0.2)
    pry (0.9.10)
      coderay (~> 1.0.5)
      method_source (~> 0.8)
      slop (~> 3.3.1)
    rabl (0.7.6)
      activesupport (>= 2.3.14)
      multi_json (~> 1.0)
    rack (1.4.1)
    rack-cache (1.2)
      rack (>= 0.4)
    rack-ssl (1.3.2)
      rack
    rack-test (0.6.2)
      rack (>= 1.0)
    rails (3.2.8)
      actionmailer (= 3.2.8)
      actionpack (= 3.2.8)
      activerecord (= 3.2.8)
      activeresource (= 3.2.8)
      activesupport (= 3.2.8)
      bundler (~> 1.0)
      railties (= 3.2.8)
    railties (3.2.8)
      actionpack (= 3.2.8)
      activesupport (= 3.2.8)
      rack-ssl (~> 1.3.2)
      rake (>= 0.8.7)
      rdoc (~> 3.4)
      thor (>= 0.14.6, < 2.0)
    rake (0.9.2.2)
    rb-inotify (0.8.8)
      ffi (>= 0.5.0)
    rdoc (3.12)
      json (~> 1.4)
    redcarpet (2.2.2)
    rest-client (1.6.7)
      mime-types (>= 1.16)
    rinku (1.5.1)
    roadie (2.3.3)
      actionmailer (> 3.0.0, < 3.3.0)
      css_parser
      nokogiri (>= 1.4.4)
      sprockets
    rolify (3.2.0)
    rspec (2.11.0)
      rspec-core (~> 2.11.0)
      rspec-expectations (~> 2.11.0)
      rspec-mocks (~> 2.11.0)
    rspec-core (2.11.1)
    rspec-expectations (2.11.3)
      diff-lcs (~> 1.1.3)
    rspec-mocks (2.11.3)
    rspec-rails (2.11.4)
      actionpack (>= 3.0)
      activesupport (>= 3.0)
      railties (>= 3.0)
      rspec (~> 2.11.0)
    ruby-rc4 (0.1.5)
    rubyzip (0.9.9)
    sass (3.2.2)
    sass-rails (3.2.5)
      railties (~> 3.2.0)
      sass (>= 3.1.10)
      tilt (~> 1.3)
    selenium-webdriver (2.26.0)
      childprocess (>= 0.2.5)
      libwebsocket (~> 0.1.3)
      multi_json (~> 1.0)
      rubyzip
    simple_form (2.0.4)
      actionpack (~> 3.0)
      activemodel (~> 3.0)
    slop (3.3.3)
    spork (0.9.2)
    sprockets (2.1.3)
      hike (~> 1.2)
      rack (~> 1.0)
      tilt (~> 1.1, != 1.3.0)
    stripe (1.7.6)
      multi_json (~> 1.1)
      rest-client (~> 1.4)
    sys-proctable (0.9.2)
    texticle (2.0.3)
      activerecord (~> 3.0)
    thin (1.5.0)
      daemons (>= 1.0.9)
      eventmachine (>= 0.12.6)
      rack (>= 1.0.0)
    thor (0.16.0)
    tilt (1.3.3)
    treetop (1.4.12)
      polyglot
      polyglot (>= 0.3.1)
    ttfunk (1.0.3)
    turbo-sprockets-rails3 (0.2.12)
      railties (>= 3.1.0, < 3.2.9)
      sprockets (>= 2.0.0)
    tzinfo (0.3.34)
    uglifier (1.3.0)
      execjs (>= 0.3.0)
      multi_json (~> 1.0, >= 1.0.2)
    warden (1.2.1)
      rack (>= 1.0)
    will_paginate (3.0.3)
    xpath (0.1.4)
      nokogiri (~> 1.3)

PLATFORMS
  ruby

DEPENDENCIES
  active_attr
  activerecord-postgres-hstore
  attr_encrypted
  auto_html
  better_errors
  binding_of_caller
  bootstrap-sass
  bootstrap-will_paginate
  cancan
  capybara
  capybara-page-object
  capybara-screenshot
  client_side_validations
  client_side_validations-simple_form
  coffee-rails (~> 3.2.1)
  cucumber-rails (~> 1.0)
  database_cleaner
  devise
  doorkeeper
  dynamic_form
  email_spec
  enum_accessor
  factory_girl_rails
  faker
  filepicker-rails
  geocoder
  google-qr
  guard-cucumber
  guard-livereload
  guard-rspec
  guard-spork
  has_scope
  jquery-rails
  launchy
  libnotify
  mail_view!
  mercury-rails
  newrelic_rpm
  omniauth-stripe-connect
  pg
  poltergeist
  prawn
  rabl
  rails (= 3.2.8)
  rb-inotify
  roadie
  rolify
  rspec-rails
  sass-rails (~> 3.2.3)
  simple_form
  spork
  stripe
  texticle
  thin
  turbo-sprockets-rails3
  uglifier (>= 1.0.3)
